GEM
  remote: https://rubygems.org/
  specs:
    awesome_print (1.6.1)
    echowrap (0.2.0)
      faraday (~> 0.9)
      multi_json (~> 1.0)
      simple_oauth (~> 0.2)
      hashie (3.4.2)
    faraday (0.9.1)
      multipart-post (>= 1.2, < 3)
    multi_json (1.11.2)
    multipart-post (2.0.0)
    simple_oauth (0.3.1)

PLATFORMS
  ruby

DEPENDENCIES
  awesome_print
  echowrap
  hashie

BUNDLED WITH
   1.10.6
